GEM
  remote: https://rubygems.org/
  specs:
    net-ldap (0.15.0)

PLATFORMS
  ruby

DEPENDENCIES
  net-ldap

BUNDLED WITH
   1.13.6
